GEM
  remote: https://rubygems.org/
  specs:
    activemodel (6.1.1)
      activesupport (= 6.1.1)
    activerecord (6.1.1)
      activemodel (= 6.1.1)
      activesupport (= 6.1.1)
    activesupport (6.1.1)
      concurrent-ruby (~> 1.0, >= 1.0.2)
      i18n (>= 1.6, < 2)
      minitest (>= 5.1)
      tzinfo (~> 2.0)
      zeitwerk (~> 2.3)
    addressable (2.7.0)
      public_suffix (>= 2.0.2, < 5.0)
    ast (2.4.1)
    byebug (11.1.3)
    capybara (2.18.0)
      addressable
      mini_mime (>= 0.1.3)
      nokogiri (>= 1.3.3)
      rack (>= 1.0.0)
      rack-test (>= 0.5.4)
      xpath (>= 2.0, < 4.0)
    capybara-user_agent (0.0.3)
      capybara (~> 2.0, >= 2.0.2)
    concurrent-ruby (1.1.7)
    crack (0.4.5)
      rexml
    database_cleaner (1.8.5)
    diff-lcs (1.4.4)
    dotenv (2.7.6)
    factory_bot (6.1.0)
      activesupport (>= 5.0.0)
    faker (2.15.1)
      i18n (>= 1.6, < 2)
    faraday (1.2.0)
      multipart-post (>= 1.2, < 3)
      ruby2_keywords
    ffi (1.14.2)
    foreman (0.87.2)
    gapic-common (0.3.4)
      google-protobuf (~> 3.12, >= 3.12.2)
      googleapis-common-protos (>= 1.3.9, < 2.0)
      googleapis-common-protos-types (>= 1.0.4, < 2.0)
      googleauth (~> 0.9)
      grpc (~> 1.25)
    google-cloud-core (1.5.0)
      google-cloud-env (~> 1.0)
      google-cloud-errors (~> 1.0)
    google-cloud-env (1.4.0)
      faraday (>= 0.17.3, < 2.0)
    google-cloud-errors (1.0.1)
    google-cloud-firestore (2.4.0)
      concurrent-ruby (~> 1.0)
      google-cloud-core (~> 1.5)
      google-cloud-firestore-v1 (~> 0.0)
      rbtree (~> 0.4.2)
    google-cloud-firestore-v1 (0.2.2)
      gapic-common (~> 0.3)
      google-cloud-errors (~> 1.0)
    google-protobuf (3.14.0)
    googleapis-common-protos (1.3.10)
      google-protobuf (~> 3.11)
      googleapis-common-protos-types (>= 1.0.5, < 2.0)
      grpc (~> 1.27)
    googleapis-common-protos-types (1.0.5)
      google-protobuf (~> 3.11)
    googleauth (0.14.0)
      faraday (>= 0.17.3, < 2.0)
      jwt (>= 1.4, < 3.0)
      memoist (~> 0.16)
      multi_json (~> 1.11)
      os (>= 0.9, < 2.0)
      signet (~> 0.14)
    grpc (1.34.0)
      google-protobuf (~> 3.13)
      googleapis-common-protos-types (~> 1.0)
    grpc-tools (1.34.0)
    hashdiff (1.0.1)
    i18n (1.8.7)
      concurrent-ruby (~> 1.0)
    jwt (2.2.2)
    listen (3.4.1)
      rb-fsevent (~> 0.10, >= 0.10.3)
      rb-inotify (~> 0.9, >= 0.9.10)
    memoist (0.16.2)
    mini_mime (1.0.2)
    mini_portile2 (2.5.0)
    minitest (5.14.3)
    multi_json (1.15.0)
    multipart-post (2.1.1)
    nokogiri (1.11.1)
      mini_portile2 (~> 2.5.0)
      racc (~> 1.4)
    os (1.1.1)
    parallel (1.20.1)
    parser (3.0.0.0)
      ast (~> 2.4.1)
    public_suffix (4.0.6)
    racc (1.5.2)
    rack (2.2.3)
    rack-test (1.1.0)
      rack (>= 1.0, < 3)
    rainbow (3.0.0)
    rake (13.0.3)
    rb-fsevent (0.10.4)
    rb-inotify (0.10.1)
      ffi (~> 1.0)
    rbtree (0.4.2)
    regexp_parser (2.0.2)
    rexml (3.2.4)
    rspec (3.10.0)
      rspec-core (~> 3.10.0)
      rspec-expectations (~> 3.10.0)
      rspec-mocks (~> 3.10.0)
    rspec-core (3.10.1)
      rspec-support (~> 3.10.0)
    rspec-expectations (3.10.1)
      diff-lcs (>= 1.2.0, < 2.0)
      rspec-support (~> 3.10.0)
    rspec-mocks (3.10.1)
      diff-lcs (>= 1.2.0, < 2.0)
      rspec-support (~> 3.10.0)
    rspec-support (3.10.1)
    rubocop (1.7.0)
      parallel (~> 1.10)
      parser (>= 2.7.1.5)
      rainbow (>= 2.2.2, < 4.0)
      regexp_parser (>= 1.8, < 3.0)
      rexml
      rubocop-ast (>= 1.2.0, < 2.0)
      ruby-progressbar (~> 1.7)
      unicode-display_width (>= 1.4.0, < 2.0)
    rubocop-ast (1.3.0)
      parser (>= 2.7.1.5)
    ruby-progressbar (1.10.1)
    ruby2_keywords (0.0.2)
    signet (0.14.0)
      addressable (~> 2.3)
      faraday (>= 0.17.3, < 2.0)
      jwt (>= 1.5, < 3.0)
      multi_json (~> 1.10)
    souls (0.8.0)
    spring (2.1.0)
    spring-watcher-listen (2.0.1)
      listen (>= 2.7, < 4.0)
      spring (>= 1.2, < 3.0)
    tzinfo (2.0.4)
      concurrent-ruby (~> 1.0)
    unicode-display_width (1.7.0)
    webmock (3.11.0)
      addressable (>= 2.3.6)
      crack (>= 0.3.2)
      hashdiff (>= 0.4.0, < 2.0.0)
    xpath (3.2.0)
      nokogiri (~> 1.8)
    zeitwerk (2.4.2)

PLATFORMS
  ruby

DEPENDENCIES
  activerecord
  byebug
  capybara (= 2.18.0)
  capybara-user_agent (= 0.0.3)
  database_cleaner (= 1.8.5)
  dotenv (= 2.7.6)
  factory_bot (= 6.1.0)
  faker (= 2.15.1)
  foreman (= 0.87.2)
  google-cloud-firestore
  grpc (= 1.34.0)
  grpc-tools (= 1.34.0)
  jwt (= 2.2.2)
  listen (~> 3.2)
  rack-test (= 1.1.0)
  rake (= 13.0.3)
  rspec (= 3.10.0)
  rubocop (= 1.7.0)
  souls (= 0.8.0)
  spring (= 2.1.0)
  spring-watcher-listen (~> 2.0.0)
  tzinfo-data
  webmock (= 3.11.0)
  zeitwerk (= 2.4.2)

BUNDLED WITH
   2.1.4
